GEM
  remote: https://rubygems.org/
  specs:
    connection_pool (2.2.2)
    debase (0.2.4)
      debase-ruby_core_source (>= 0.10.2)
    debase-ruby_core_source (0.10.5)
    faraday (0.15.4)
      multipart-post (>= 1.2, < 3)
    multipart-post (2.1.1)
    net-http-persistent (3.0.1)
      connection_pool (~> 2.2)
    rake (13.0.1)
    ruby-debug-ide (0.7.0)
      rake (>= 0.8.1)
    stripe (4.17.0)
      faraday (~> 0.13)
      net-http-persistent (~> 3.0)

PLATFORMS
  ruby

DEPENDENCIES
  debase
  ruby-debug-ide
  stripe

BUNDLED WITH
   2.0.1
