GEM
  remote: https://rubygems.org/
  specs:
    connection_pool (2.2.2)
    faraday (0.15.4)
      multipart-post (>= 1.2, < 3)
    multipart-post (2.1.1)
    net-http-persistent (3.0.1)
      connection_pool (~> 2.2)
    stripe (4.17.0)
      faraday (~> 0.13)
      net-http-persistent (~> 3.0)

PLATFORMS
  ruby

DEPENDENCIES
  stripe

BUNDLED WITH
   2.0.1
